PATH
  remote: .
  specs:
    pelican (0.0.1)
      redis (~> 3.0)

GEM
  remote: https://rubygems.org/
  specs:
    rake (10.1.0)
    redis (3.0.7)

PLATFORMS
  ruby

DEPENDENCIES
  bundler (~> 1.3)
  pelican!
  rake (= 10.1.0)
